GIT
  remote: git://github.com/theodi/data_kitten.git
  revision: 91ac3c9b87a34e60ed3b7b16a51c61f9aa26c52d
  specs:
    data_kitten (0.0.1)
      curb
      git
      json
      linkeddata
      nokogiri
      rest-client

GEM
  remote: https://rubygems.org/
  specs:
    actionmailer (4.0.2)
      actionpack (= 4.0.2)
      mail (~> 2.5.4)
    actionpack (4.0.2)
      activesupport (= 4.0.2)
      builder (~> 3.1.0)
      erubis (~> 2.7.0)
      rack (~> 1.5.2)
      rack-test (~> 0.6.2)
    activemodel (4.0.2)
      activesupport (= 4.0.2)
      builder (~> 3.1.0)
    activerecord (4.0.2)
      activemodel (= 4.0.2)
      activerecord-deprecated_finders (~> 1.0.2)
      activesupport (= 4.0.2)
      arel (~> 4.0.0)
    activerecord-deprecated_finders (1.0.3)
    activesupport (4.0.2)
      i18n (~> 0.6, >= 0.6.4)
      minitest (~> 4.2)
      multi_json (~> 1.3)
      thread_safe (~> 0.1)
      tzinfo (~> 0.3.37)
    addressable (2.3.5)
    airbrake (3.1.14)
      builder
      json
    arel (4.0.1)
    atomic (1.1.14)
    builder (3.1.4)
    coffee-rails (4.0.1)
      coffee-script (>= 2.2.0)
      railties (>= 4.0.0, < 5.0)
    coffee-script (2.2.0)
      coffee-script-source
      execjs
    coffee-script-source (1.6.3)
    curb (0.8.5)
    daemons (1.1.9)
    diff-lcs (1.2.5)
    docile (1.1.1)
    dotenv (0.9.0)
    ebnf (0.3.1)
      rdf
      sxp
    erubis (2.7.0)
    eventmachine (1.0.3)
    execjs (2.0.2)
    faraday (0.8.8)
      multipart-post (~> 1.2.0)
    foreman (0.63.0)
      dotenv (>= 0.7)
      thor (>= 0.13.6)
    git (1.2.6)
    github_api (0.10.2)
      addressable
      faraday (~> 0.8.7)
      hashie (>= 1.2)
      multi_json (~> 1.4)
      nokogiri (~> 1.6.0)
      oauth2
    haml (4.0.4)
      tilt
    hashie (2.0.5)
    hike (1.2.3)
    htmlentities (4.3.1)
    httpauth (0.2.0)
    i18n (0.6.9)
    jbuilder (1.5.3)
      activesupport (>= 3.0.0)
      multi_json (>= 1.2.0)
    jquery-rails (3.0.4)
      railties (>= 3.0, < 5.0)
      thor (>= 0.14, < 2.0)
    json (1.8.1)
    json-ld (1.0.8.1)
      json (>= 1.7.5)
      rdf (>= 1.0.8)
    json_pure (1.8.1)
    jwt (0.1.8)
      multi_json (>= 1.5)
    linkeddata (1.0.9)
      json-ld (>= 1.0.7)
      rdf (>= 1.0.9)
      rdf-isomorphic (>= 1.0.2)
      rdf-json (>= 1.0)
      rdf-microdata (>= 1.0.2)
      rdf-n3 (>= 1.0.1)
      rdf-rdfa (>= 1.0.2)
      rdf-rdfxml (>= 1.0.2)
      rdf-trig (>= 1.0.3)
      rdf-trix (>= 1.0)
      rdf-turtle (>= 1.0.9)
    mail (2.5.4)
      mime-types (~> 1.16)
      treetop (~> 1.4.8)
    mime-types (1.25.1)
    mini_portile (0.5.2)
    minitest (4.7.5)
    multi_json (1.8.2)
    multi_xml (0.5.5)
    multipart-post (1.2.0)
    mysql2 (0.3.14)
    nokogiri (1.6.0)
      mini_portile (~> 0.5.0)
    oauth2 (0.9.2)
      faraday (~> 0.8)
      httpauth (~> 0.2)
      jwt (~> 0.1.4)
      multi_json (~> 1.0)
      multi_xml (~> 0.5)
      rack (~> 1.2)
    polyglot (0.3.3)
    rack (1.5.2)
    rack-test (0.6.2)
      rack (>= 1.0)
    rails (4.0.2)
      actionmailer (= 4.0.2)
      actionpack (= 4.0.2)
      activerecord (= 4.0.2)
      activesupport (= 4.0.2)
      bundler (>= 1.3.0, < 2.0)
      railties (= 4.0.2)
      sprockets-rails (~> 2.0.0)
    railties (4.0.2)
      actionpack (= 4.0.2)
      activesupport (= 4.0.2)
      rake (>= 0.8.7)
      thor (>= 0.18.1, < 2.0)
    rake (10.1.0)
    rdf (1.0.10.2)
      addressable (>= 2.3)
    rdf-isomorphic (1.0.2)
      rdf (>= 1.0)
    rdf-json (1.0.0)
      json_pure (>= 1.4)
      rdf (>= 1.0)
    rdf-microdata (1.0.3)
      htmlentities (>= 4.3.0)
      json (>= 1.7.7)
      rdf (>= 1.0.7)
      rdf-xsd (>= 1.0)
    rdf-n3 (1.0.2)
      rdf (>= 1.0.7)
    rdf-rdfa (1.0.3)
      haml (>= 4.0)
      htmlentities (>= 4.3.1)
      rdf (>= 1.0.5)
      rdf-xsd (>= 1.0)
    rdf-rdfxml (1.0.3)
      rdf (>= 1.0)
      rdf-xsd (>= 1.0)
    rdf-trig (1.0.3)
      ebnf (>= 0.3.0)
      rdf (>= 1.0.7)
      rdf-turtle (>= 1.0.9)
    rdf-trix (1.0.0)
      rdf (>= 1.0)
    rdf-turtle (1.0.9)
      ebnf (>= 0.3.0)
      rdf (>= 1.0.7)
    rdf-xsd (1.0.2.1)
      nokogiri (>= 1.5.0)
      rdf (>= 0.3.4)
    rest-client (1.6.7)
      mime-types (>= 1.16)
    rspec-core (2.14.7)
    rspec-expectations (2.14.4)
      diff-lcs (>= 1.1.3, < 2.0)
    rspec-mocks (2.14.4)
    rspec-rails (2.14.0)
      actionpack (>= 3.0)
      activesupport (>= 3.0)
      railties (>= 3.0)
      rspec-core (~> 2.14.0)
      rspec-expectations (~> 2.14.0)
      rspec-mocks (~> 2.14.0)
    sass (3.2.12)
    sass-rails (4.0.1)
      railties (>= 4.0.0, < 5.0)
      sass (>= 3.1.10)
      sprockets-rails (~> 2.0.0)
    simplecov (0.8.2)
      docile (~> 1.1.0)
      multi_json
      simplecov-html (~> 0.8.0)
    simplecov-html (0.8.0)
    simplecov-rcov (0.2.3)
      simplecov (>= 0.4.1)
    sprockets (2.10.1)
      hike (~> 1.2)
      multi_json (~> 1.0)
      rack (~> 1.0)
      tilt (~> 1.1, != 1.3.0)
    sprockets-rails (2.0.1)
      actionpack (>= 3.0)
      activesupport (>= 3.0)
      sprockets (~> 2.8)
    sqlite3 (1.3.8)
    sxp (0.1.3)
      json (>= 1.1.1)
    thin (1.6.1)
      daemons (>= 1.0.9)
      eventmachine (>= 1.0.0)
      rack (>= 1.0.0)
    thor (0.18.1)
    thread_safe (0.1.3)
      atomic
    tilt (1.4.1)
    treetop (1.4.15)
      polyglot
      polyglot (>= 0.3.1)
    turbolinks (1.3.1)
      coffee-rails
    tzinfo (0.3.38)
    uglifier (2.3.2)
      execjs (>= 0.3.0)
      json (>= 1.8.0)
    yard (0.8.7.3)

PLATFORMS
  ruby

DEPENDENCIES
  airbrake
  coffee-rails (~> 4.0.0)
  data_kitten!
  dotenv
  foreman
  git
  github_api
  jbuilder
  jquery-rails
  mysql2
  rails (~> 4.0.2)
  rspec-rails (~> 2.0)
  sass-rails (~> 4.0.0)
  simplecov-rcov
  sqlite3
  thin
  turbolinks
  uglifier (>= 1.0.3)
  yard
